PATH
  remote: .
  specs:
    calculator (0.1.0)
      bigdecimal

GEM
  remote: https://rubygems.org/
  specs:
    bigdecimal (2.0.0)
    diff-lcs (1.5.0)
    rake (13.0.1)
    rspec (3.12.0)
      rspec-core (~> 3.12.0)
      rspec-expectations (~> 3.12.0)
      rspec-mocks (~> 3.12.0)
    rspec-core (3.12.2)
      rspec-support (~> 3.12.0)
    rspec-expectations (3.12.3)
      diff-lcs (>= 1.2.0, < 2.0)
      rspec-support (~> 3.12.0)
    rspec-mocks (3.12.5)
      diff-lcs (>= 1.2.0, < 2.0)
      rspec-support (~> 3.12.0)
    rspec-support (3.12.0)

PLATFORMS
  x86_64-linux

DEPENDENCIES
  calculator!
  rake (~> 13.0)
  rspec

BUNDLED WITH
   2.4.12
